PATH
  remote: .
  specs:
    rink (1.0.2)

GEM
  remote: http://rubygems.org/
  specs:
    diff-lcs (1.1.3)
    rake (0.9.2.2)
    rcov (0.9.11)
    rspec (2.6.0)
      rspec-core (~> 2.6.0)
      rspec-expectations (~> 2.6.0)
      rspec-mocks (~> 2.6.0)
    rspec-core (2.6.4)
    rspec-expectations (2.6.0)
      diff-lcs (~> 1.1.2)
    rspec-mocks (2.6.0)

PLATFORMS
  ruby
  x86-mingw32

DEPENDENCIES
  rake (~> 0.9.2)
  rcov (~> 0.9.11)
  rink!
  rspec (~> 2.6.0)
